GIT
  remote: git://github.com/adriancuadros/metropoli.git
  revision: 9ef3a76e02048609c66d7d5372df443b327abf03
  specs:
    metropoli (0.0.0)
      fastercsv (~> 1.5.3)
      json (~> 1.4.6)
      sinatra (>= 1.0)

GEM
  remote: http://rubygems.org/
  specs:
    RedCloth (4.2.3)
    abstract (1.0.0)
    actionmailer (3.0.1)
      actionpack (= 3.0.1)
      mail (~> 2.2.5)
    actionpack (3.0.1)
      activemodel (= 3.0.1)
      activesupport (= 3.0.1)
      builder (~> 2.1.2)
      erubis (~> 2.6.6)
      i18n (~> 0.4.1)
      rack (~> 1.2.1)
      rack-mount (~> 0.6.12)
      rack-test (~> 0.5.4)
      tzinfo (~> 0.3.23)
    activemodel (3.0.1)
      activesupport (= 3.0.1)
      builder (~> 2.1.2)
      i18n (~> 0.4.1)
    activerecord (3.0.1)
      activemodel (= 3.0.1)
      activesupport (= 3.0.1)
      arel (~> 1.0.0)
      tzinfo (~> 0.3.23)
    activeresource (3.0.1)
      activemodel (= 3.0.1)
      activesupport (= 3.0.1)
    activesupport (3.0.1)
    addressable (2.2.4)
    arel (1.0.1)
      activesupport (~> 3.0.0)
    aws-s3 (0.6.2)
      builder
      mime-types
      xml-simple
    bcrypt-ruby (2.1.3)
    bitly (0.6.1)
      crack (>= 0.1.4)
      httparty (>= 0.5.2)
      oauth2 (>= 0.1.1)
    builder (2.1.2)
    cancan (1.4.1)
    capybara (0.4.0)
      celerity (>= 0.7.9)
      culerity (>= 0.2.4)
      mime-types (>= 1.16)
      nokogiri (>= 1.3.3)
      rack (>= 1.0.0)
      rack-test (>= 0.5.4)
      selenium-webdriver (>= 0.0.27)
      xpath (~> 0.1.2)
    celerity (0.8.6)
    childprocess (0.1.6)
      ffi (~> 0.6.3)
    columnize (0.3.2)
    configuration (1.2.0)
    crack (0.1.8)
    cucumber (0.10.0)
      builder (>= 2.1.2)
      diff-lcs (~> 1.1.2)
      gherkin (~> 2.3.2)
      json (~> 1.4.6)
      term-ansicolor (~> 1.0.5)
    cucumber-rails (0.3.2)
      cucumber (>= 0.8.0)
    culerity (0.2.13)
    database_cleaner (0.6.0)
    devise (1.1.5)
      bcrypt-ruby (~> 2.1.2)
      warden (~> 1.0.2)
    diff-lcs (1.1.2)
    erubis (2.6.6)
      abstract (>= 1.0.0)
    factory_girl (1.3.2)
    factory_girl_rails (1.0)
      factory_girl (~> 1.3)
      rails (>= 3.0.0.beta4)
    faraday (0.6.1)
      addressable (~> 2.2.4)
      multipart-post (~> 1.1.0)
      rack (< 2, >= 1.1.0)
    faraday_middleware (0.6.3)
      faraday (~> 0.6.0)
    fastercsv (1.5.4)
    ffi (0.6.3)
      rake (>= 0.8.7)
    gherkin (2.3.3)
      json (~> 1.4.6)
    hashie (1.0.0)
    hoptoad_notifier (2.3.11)
      activesupport
      builder
    httparty (0.7.7)
      crack (= 0.1.8)
    i18n (0.4.2)
    json (1.4.6)
    json_pure (1.4.6)
    launchy (0.3.7)
      configuration (>= 0.0.5)
      rake (>= 0.8.1)
    linecache (0.43)
    mail (2.2.13)
      activesupport (>= 2.3.6)
      i18n (>= 0.4.0)
      mime-types (~> 1.16)
      treetop (~> 1.4.8)
    mime-types (1.16)
    mocha (0.9.10)
      rake
    multi_json (1.0.2)
    multi_xml (0.2.2)
    multipart-post (1.1.0)
    nifty-generators (0.4.3)
    nokogiri (1.4.4)
    oauth2 (0.4.1)
      faraday (~> 0.6.1)
      multi_json (>= 0.0.5)
    paperclip (2.3.8)
      activerecord
      activesupport
    polyglot (0.3.1)
    rack (1.2.1)
    rack-mount (0.6.13)
      rack (>= 1.0.0)
    rack-test (0.5.7)
      rack (>= 1.0)
    rails (3.0.1)
      actionmailer (= 3.0.1)
      actionpack (= 3.0.1)
      activerecord (= 3.0.1)
      activeresource (= 3.0.1)
      activesupport (= 3.0.1)
      bundler (~> 1.0.0)
      railties (= 3.0.1)
    railties (3.0.1)
      actionpack (= 3.0.1)
      activesupport (= 3.0.1)
      rake (>= 0.8.4)
      thor (~> 0.14.0)
    rake (0.8.7)
    rash (0.3.0)
      hashie (~> 1.0.0)
    rspec (2.4.0)
      rspec-core (~> 2.4.0)
      rspec-expectations (~> 2.4.0)
      rspec-mocks (~> 2.4.0)
    rspec-core (2.4.0)
    rspec-expectations (2.4.0)
      diff-lcs (~> 1.1.2)
    rspec-mocks (2.4.0)
    rspec-rails (2.4.1)
      actionpack (~> 3.0)
      activesupport (~> 3.0)
      railties (~> 3.0)
      rspec (~> 2.4.0)
    ruby-debug (0.10.4)
      columnize (>= 0.1)
      ruby-debug-base (~> 0.10.4.0)
    ruby-debug-base (0.10.4)
      linecache (>= 0.3)
    rubyzip (0.9.4)
    selenium-client (1.2.18)
    selenium-webdriver (0.1.2)
      childprocess (~> 0.1.5)
      ffi (~> 0.6.3)
      json_pure
      rubyzip
    simple_oauth (0.1.4)
    sinatra (1.1.2)
      rack (~> 1.1)
      tilt (~> 1.2)
    spork (0.8.4)
    sqlite3 (1.3.3)
    term-ansicolor (1.0.5)
    thor (0.14.6)
    tilt (1.2.2)
    treetop (1.4.9)
      polyglot (>= 0.3.1)
    twitter (1.4.1)
      faraday (~> 0.6.1)
      faraday_middleware (~> 0.6.3)
      hashie (~> 1.0.0)
      multi_json (~> 1.0.0)
      multi_xml (~> 0.2.0)
      rash (~> 0.3.0)
      simple_oauth (~> 0.1.4)
    tzinfo (0.3.23)
    warden (1.0.3)
      rack (>= 1.0.0)
    will_paginate (3.0.pre2)
    xml-simple (1.0.12)
    xpath (0.1.2)
      nokogiri (~> 1.3)

PLATFORMS
  ruby

DEPENDENCIES
  RedCloth
  aws-s3
  bitly
  cancan
  capybara
  cucumber
  cucumber-rails
  database_cleaner
  devise
  factory_girl_rails
  hoptoad_notifier
  launchy
  metropoli!
  mocha
  nifty-generators
  paperclip
  rails (= 3.0.1)
  rspec-rails
  ruby-debug
  selenium-client
  spork
  sqlite3
  twitter
  will_paginate (~> 3.0.pre2)
